GEM
  remote: https://rubygems.org/
  specs:
    coderay (1.1.2)
    method_source (0.9.0)
    pry (0.11.3)
      coderay (~> 1.1.0)
      method_source (~> 0.9.0)
    rubywarrior (0.1.3)

PLATFORMS
  ruby

DEPENDENCIES
  pry (~> 0.11.3)
  rubywarrior

RUBY VERSION
   ruby 2.5.1p57

BUNDLED WITH
   1.16.2
